GEM
  remote: https://rubygems.org/
  specs:
    rack (1.6.0)
    rack-rewrite (1.5.1)

PLATFORMS
  ruby

DEPENDENCIES
  rack (= 1.6.0)
  rack-rewrite (= 1.5.1)
